GEM
  remote: https://rubygems.org/
  specs:
    benchmark-ips (2.7.2)

PLATFORMS
  ruby

DEPENDENCIES
  benchmark-ips

RUBY VERSION
   ruby 2.5.3p105

BUNDLED WITH
   2.0.1
